GEM
  remote: http://rubygems.org/
  specs:
    activesupport (4.2.0)
      i18n (~> 0.7)
      json (~> 1.7, >= 1.7.7)
      minitest (~> 5.1)
      thread_safe (~> 0.3, >= 0.3.4)
      tzinfo (~> 1.1)
    charlock_holmes (0.7.6)
    escape_utils (1.2.1)
    gemoji (1.5.0)
    github-linguist (7.6.1)
      charlock_holmes (~> 0.7.6)
      escape_utils (~> 1.2.0)
      mini_mime (~> 1.0)
      rugged (>= 0.25.1)
    github-markdown (0.6.9)
    html-pipeline (1.11.0)
      activesupport (>= 2)
      nokogiri (~> 1.4)
    i18n (0.7.0)
    json (1.8.1)
    mini_mime (1.0.2)
    mini_portile2 (2.4.0)
    minitest (5.5.0)
    multi_json (1.14.1)
    nokogiri (1.10.4)
      mini_portile2 (~> 2.4.0)
    pygments.rb (1.2.1)
      multi_json (>= 1.0.0)
    rake (0.9.2)
    redcarpet (3.2.2)
    rinku (1.7.3)
    rugged (0.28.3.1)
    thread_safe (0.3.4)
    tzinfo (1.2.2)
      thread_safe (~> 0.1)

PLATFORMS
  ruby

DEPENDENCIES
  gemoji (~> 1.0)
  github-linguist (>= 2.9.8)
  github-markdown
  html-pipeline
  pygments.rb
  rake
  redcarpet
  rinku (~> 1.7)
